STORAGE: NONE
RESTRICTION: || (== netcoreapp3.1) (== netstandard2.0) (== netstandard2.1)
NUGET
  remote: https://api.nuget.org/v3/index.json
    Elmish (3.0.6)
      FSharp.Core (>= 4.6.2)
    Elmish.WPF (3.5.6)
      Elmish (>= 3.0.3 < 4.0) - restriction: || (== netcoreapp3.1) (&& (== netstandard2.0) (>= net461)) (&& (== netstandard2.0) (>= netcoreapp3.0)) (&& (== netstandard2.1) (>= net461)) (&& (== netstandard2.1) (>= netcoreapp3.0))
      FSharp.Core (>= 4.6.2) - restriction: || (== netcoreapp3.1) (&& (== netstandard2.0) (>= net461)) (&& (== netstandard2.0) (>= netcoreapp3.0)) (&& (== netstandard2.1) (>= net461)) (&& (== netstandard2.1) (>= netcoreapp3.0))
    FSharp.Core (4.7.2)
    MaterialDesignColors (1.2.6) - restriction: || (== netcoreapp3.1) (&& (== netstandard2.0) (>= net45)) (&& (== netstandard2.0) (>= netcoreapp3.1)) (&& (== netstandard2.1) (>= net45)) (&& (== netstandard2.1) (>= netcoreapp3.1))
    MaterialDesignThemes (3.1.3)
      MaterialDesignColors (>= 1.2.6 < 2.0) - restriction: || (== netcoreapp3.1) (&& (== netstandard2.0) (>= net45)) (&& (== netstandard2.0) (>= netcoreapp3.1)) (&& (== netstandard2.1) (>= net45)) (&& (== netstandard2.1) (>= netcoreapp3.1))
